GEM
  remote: https://rubygems.org/
  specs:
    ast (2.4.2)
    dotenv (2.7.6)
    evergreen_holdings (0.4.0)
      nokogiri (~> 1.11)
    marc (1.0.4)
      scrub_rb (>= 1.0.1, < 2)
      unf
    nokogiri (1.11.2-x64-mingw32)
      racc (~> 1.4)
    parallel (1.20.1)
    parser (3.0.1.0)
      ast (~> 2.4.1)
    racc (1.5.2)
    rainbow (3.0.0)
    regexp_parser (2.1.1)
    rexml (3.2.5)
    rubocop (1.12.1)
      parallel (~> 1.10)
      parser (>= 3.0.0.0)
      rainbow (>= 2.2.2, < 4.0)
      regexp_parser (>= 1.8, < 3.0)
      rexml
      rubocop-ast (>= 1.2.0, < 2.0)
      ruby-progressbar (~> 1.7)
      unicode-display_width (>= 1.4.0, < 3.0)
    rubocop-ast (1.4.1)
      parser (>= 2.7.1.5)
    ruby-progressbar (1.11.0)
    scrub_rb (1.0.1)
    stringio (0.0.2)
    thor (1.1.0)
    unf (0.1.4)
      unf_ext
    unf_ext (0.0.7.7-x64-mingw32)
    unicode-display_width (2.0.0)

PLATFORMS
  x64-mingw32

DEPENDENCIES
  dotenv
  evergreen_holdings
  marc
  nokogiri
  rubocop
  stringio
  thor

BUNDLED WITH
   2.1.4
